PATH
  remote: .
  specs:
    lockstep (0.2)
      fssm (~> 0.2)
      net-scp
      net-ssh

GEM
  remote: http://rubygems.org/
  specs:
    diff-lcs (1.1.3)
    fssm (0.2.7)
    net-scp (1.0.4)
      net-ssh (>= 1.99.1)
    net-ssh (2.2.1)
    rspec (2.7.0)
      rspec-core (~> 2.7.0)
      rspec-expectations (~> 2.7.0)
      rspec-mocks (~> 2.7.0)
    rspec-core (2.7.1)
    rspec-expectations (2.7.0)
      diff-lcs (~> 1.1.2)
    rspec-mocks (2.7.0)

PLATFORMS
  ruby

DEPENDENCIES
  lockstep!
  rspec
